GEM
  remote: https://rubygems.org/
  specs:
    bson (5.0.0)
    mongo (2.20.0)
      bson (>= 4.14.1, < 6.0.0)

PLATFORMS
  arm64-darwin-22
  ruby

DEPENDENCIES
  mongo

BUNDLED WITH
   2.5.3
